GEM
  remote: https://rubygems.org/
  specs:
    awesome_print (1.1.0)
    snmp (1.1.1)

PLATFORMS
  ruby

DEPENDENCIES
  awesome_print
  snmp
